GEM
  remote: https://rubygems.org/
  specs:
    mustermann (1.1.1)
      ruby2_keywords (~> 0.0.1)
    pg (1.2.2)
    rack (2.2.2)
    rack-protection (2.0.8.1)
      rack
    rake (13.0.1)
    ruby2_keywords (0.0.2)
    sequel (5.29.0)
    sinatra (2.0.8.1)
      mustermann (~> 1.0)
      rack (~> 2.0)
      rack-protection (= 2.0.8.1)
      tilt (~> 2.0)
    tilt (2.0.10)

PLATFORMS
  ruby

DEPENDENCIES
  pg
  rake
  sequel
  sinatra

BUNDLED WITH
   2.1.2
