GEM
  remote: https://rubygems.org/
  specs:
    hanami-api (0.1.0)
      hanami-router (~> 2.0.alpha)
    hanami-router (2.0.0.alpha2)
      mustermann (~> 1.0)
      mustermann-contrib (~> 1.0)
      rack (~> 2.0)
    hansi (0.2.0)
    mustermann (1.1.1)
      ruby2_keywords (~> 0.0.1)
    mustermann-contrib (1.1.1)
      hansi (~> 0.2.0)
      mustermann (= 1.1.1)
    nio4r (2.5.2)
    pg (1.2.2)
    puma (4.3.3)
      nio4r (~> 2.0)
    rack (2.2.2)
    ruby2_keywords (0.0.2)
    sequel (5.29.0)

PLATFORMS
  ruby

DEPENDENCIES
  hanami-api
  pg
  puma
  sequel

RUBY VERSION
   ruby 2.7.0p0

BUNDLED WITH
   2.1.2
